GEM
  remote: http://rubygems.org/
  remote: http://gems.github.com/
  specs:
    activesupport (2.3.8)
    archive-tar-minitar (0.5.2)
    bluecloth (2.0.7)
    builder (2.1.2)
    columnize (0.3.4)
    cucumber (0.8.5)
      builder (~> 2.1.2)
      diff-lcs (~> 1.1.2)
      gherkin (~> 2.1.4)
      json_pure (~> 1.4.3)
      term-ansicolor (~> 1.0.4)
    diff-lcs (1.1.2)
    gherkin (2.1.5)
      trollop (~> 1.16.2)
    git (1.2.5)
    json_pure (1.4.6)
    linecache19 (0.5.12)
      ruby_core_source (>= 0.1.4)
    mhennemeyer-output_catcher (1.0.1)
    mocha (0.9.8)
      rake
    rake (0.8.7)
    rcov (0.9.8)
    redgreen (1.2.2)
    rr (0.10.11)
    ruby-debug-base19 (0.11.25)
      columnize (>= 0.3.1)
      linecache19 (>= 0.5.11)
      ruby_core_source (>= 0.1.4)
    ruby-debug19 (0.11.6)
      columnize (>= 0.3.1)
      linecache19 (>= 0.5.11)
      ruby-debug-base19 (>= 0.11.19)
    ruby_core_source (0.1.5)
      archive-tar-minitar (>= 0.5.2)
    shoulda (2.11.3)
    term-ansicolor (1.0.5)
    test-construct (1.2.0)
    timecop (0.3.5)
    trollop (1.16.2)
    yard (0.6.1)

PLATFORMS
  ruby

DEPENDENCIES
  activesupport (~> 2.3.5)
  bluecloth
  bundler (~> 1.0)
  cucumber
  git (>= 1.2.5)
  mhennemeyer-output_catcher
  mocha
  rake
  rcov
  redgreen
  rr
  ruby-debug19
  shoulda
  test-construct
  timecop
  yard (~> 0.6.0)
